GEM
  remote: https://rubygems.org/
  specs:
    makersinit (0.1.6)

PLATFORMS
  ruby

DEPENDENCIES
  makersinit

BUNDLED WITH
   1.11.2
